GEM
  remote: https://rubygems.org/
  specs:
    activemodel (3.2.11)
      activesupport (= 3.2.11)
      builder (~> 3.0.0)
    activerecord (3.2.11)
      activemodel (= 3.2.11)
      activesupport (= 3.2.11)
      arel (~> 3.0.2)
      tzinfo (~> 0.3.29)
    activesupport (3.2.11)
      i18n (~> 0.6)
      multi_json (~> 1.0)
    arel (3.0.2)
    backports (2.8.2)
    builder (3.0.4)
    coffee-script (2.2.0)
      coffee-script-source
      execjs
    coffee-script-source (1.4.0)
    eventmachine (1.0.0)
    execjs (1.4.0)
      multi_json (~> 1.0)
    haml (3.1.8)
    hike (1.2.1)
    i18n (0.6.1)
    multi_json (1.6.0)
    mysql2 (0.3.11)
    rack (1.5.2)
    rack-protection (1.3.2)
      rack
    rack-test (0.6.2)
      rack (>= 1.0)
    rake (10.0.3)
    sass (3.2.5)
    sinatra (1.3.4)
      rack (~> 1.4)
      rack-protection (~> 1.3)
      tilt (~> 1.3, >= 1.3.3)
    sinatra-activerecord (1.2.1)
      activerecord (~> 3.0)
      sinatra (~> 1.0)
    sinatra-contrib (1.3.2)
      backports (>= 2.0)
      eventmachine
      rack-protection
      rack-test
      sinatra (~> 1.3.0)
      tilt (~> 1.3)
    sprockets (2.8.2)
      hike (~> 1.2)
      multi_json (~> 1.0)
      rack (~> 1.0)
      tilt (~> 1.1, != 1.3.0)
    sprockets-helpers (0.8.0)
      sprockets (~> 2.0)
    tilt (1.3.3)
    tzinfo (0.3.35)

PLATFORMS
  ruby

DEPENDENCIES
  coffee-script
  haml
  mysql2
  rake
  sass (~> 3.2.5)
  sinatra
  sinatra-activerecord
  sinatra-contrib
  sprockets (~> 2.0)
  sprockets-helpers
